PATH
  remote: .
  specs:
    sitedock_card_generator (0.1.0)
      thor (~> 1.2)

GEM
  remote: https://rubygems.org/
  specs:
    minitest (5.25.5)
    rake (13.2.1)
    thor (1.3.2)

PLATFORMS
  arm64-darwin-21
  ruby

DEPENDENCIES
  bundler (~> 2.0)
  minitest (~> 5.0)
  rake (~> 13.0)
  sitedock_card_generator!

BUNDLED WITH
   2.5.23
