PATH
  remote: .
  specs:
    sitedog_parser (0.1.0)
      thor (~> 1.2)

GEM
  remote: https://rubygems.org/
  specs:
    coderay (1.1.3)
    method_source (1.1.0)
    minitest (5.25.5)
    pry (0.15.2)
      coderay (~> 1.1)
      method_source (~> 1.0)
    rake (13.2.1)
    thor (1.3.2)

PLATFORMS
  arm64-darwin-21
  ruby

DEPENDENCIES
  bundler (~> 2.0)
  minitest
  pry
  rake (~> 13.0)
  sitedog_parser!

BUNDLED WITH
   2.5.23
