PATH
  remote: .
  specs:
    sitedog_parser (0.4.0)
      thor (~> 1.2)

GEM
  remote: https://rubygems.org/
  specs:
    bump (0.10.0)
    coderay (1.1.3)
    method_source (1.1.0)
    minitest (5.25.5)
    minitest-power_assert (0.3.1)
      minitest
      power_assert (>= 1.1)
    power_assert (2.0.5)
    pry (0.15.2)
      coderay (~> 1.1)
      method_source (~> 1.0)
    rake (13.2.1)
    thor (1.3.2)

PLATFORMS
  arm64-darwin-21
  ruby

DEPENDENCIES
  bump (~> 0.10.0)
  bundler (~> 2.0)
  minitest
  minitest-power_assert
  pry
  rake (~> 13.0)
  sitedog_parser!

BUNDLED WITH
   2.5.23
